GEM
  remote: http://rubygems.org/
  specs:
    actionmailer (3.1.12)
      actionpack (= 3.1.12)
      mail (~> 2.4.4)
    actionpack (3.1.12)
      activemodel (= 3.1.12)
      activesupport (= 3.1.12)
      builder (~> 3.0.0)
      erubis (~> 2.7.0)
      i18n (~> 0.6)
      rack (~> 1.3.6)
      rack-cache (~> 1.2)
      rack-mount (~> 0.8.2)
      rack-test (~> 0.6.1)
      sprockets (~> 2.0.4)
    activemodel (3.1.12)
      activesupport (= 3.1.12)
      builder (~> 3.0.0)
      i18n (~> 0.6)
    activerecord (3.1.12)
      activemodel (= 3.1.12)
      activesupport (= 3.1.12)
      arel (~> 2.2.3)
      tzinfo (~> 0.3.29)
    activeresource (3.1.12)
      activemodel (= 3.1.12)
      activesupport (= 3.1.12)
    activesupport (3.1.12)
      multi_json (~> 1.0)
    arel (2.2.3)
    builder (3.0.4)
    cap-recipes (0.3.39)
    capistrano (2.15.4)
      highline
      net-scp (>= 1.0.0)
      net-sftp (>= 2.0.0)
      net-ssh (>= 2.0.14)
      net-ssh-gateway (>= 1.1.0)
    capistrano-ext (1.2.1)
      capistrano (>= 1.0.0)
    capistrano_colors (0.5.5)
    capones_recipes (0.14.3)
      cap-recipes
      capistrano
      capistrano-ext
      capistrano_colors
    chunky_png (1.2.8)
    coffee-rails (3.1.1)
      coffee-script (>= 2.2.0)
      railties (~> 3.1.0)
    coffee-script (2.2.0)
      coffee-script-source
      execjs
    coffee-script-source (1.6.2)
    compass (0.13.alpha.4)
      chunky_png (~> 1.2)
      listen (<= 0.9.9)
      sass (~> 3.2.5)
    erubis (2.7.0)
    execjs (1.4.0)
      multi_json (~> 1.0)
    fancy-buttons (1.2.0)
      compass (>= 0.11)
    haml (4.0.3)
      tilt
    haml-rails (0.4)
      actionpack (>= 3.1, < 4.1)
      activesupport (>= 3.1, < 4.1)
      haml (>= 3.1, < 4.1)
      railties (>= 3.1, < 4.1)
    highline (1.6.19)
    hike (1.2.2)
    hpricot (0.8.6)
    i18n (0.6.4)
    jquery-rails (3.0.0)
      railties (>= 3.0, < 5.0)
      thor (>= 0.14, < 2.0)
    json (1.8.0)
    kuhsaft (0.0.2)
    libv8 (3.11.8.17)
    listen (0.7.3)
    mail (2.4.4)
      i18n (>= 0.4.0)
      mime-types (~> 1.16)
      treetop (~> 1.4.8)
    mime-types (1.23)
    multi_json (1.7.4)
    mysql2 (0.3.11)
    net-scp (1.1.1)
      net-ssh (>= 2.6.5)
    net-sftp (2.1.2)
      net-ssh (>= 2.6.5)
    net-ssh (2.6.7)
    net-ssh-gateway (1.2.0)
      net-ssh (>= 2.6.5)
    polyglot (0.3.3)
    rack (1.3.10)
    rack-cache (1.2)
      rack (>= 0.4)
    rack-google_analytics (1.0.2)
      rack
    rack-mount (0.8.3)
      rack (>= 1.0.0)
    rack-ssl (1.3.3)
      rack
    rack-test (0.6.2)
      rack (>= 1.0)
    rails (3.1.12)
      actionmailer (= 3.1.12)
      actionpack (= 3.1.12)
      activerecord (= 3.1.12)
      activeresource (= 3.1.12)
      activesupport (= 3.1.12)
      bundler (~> 1.0)
      railties (= 3.1.12)
    rails3-generators (1.0.0)
      railties (>= 3.0.0)
    railties (3.1.12)
      actionpack (= 3.1.12)
      activesupport (= 3.1.12)
      rack-ssl (~> 1.3.2)
      rake (>= 0.8.7)
      rdoc (~> 3.4)
      thor (~> 0.14.6)
    rake (10.0.4)
    rdoc (3.12.2)
      json (~> 1.4)
    ref (1.0.5)
    ruby_parser (3.1.3)
      sexp_processor (~> 4.1)
    sass (3.2.9)
    sass-rails (3.1.7)
      actionpack (~> 3.1.0)
      railties (~> 3.1.0)
      sass (>= 3.1.10)
      tilt (~> 1.3.2)
    sexp_processor (4.2.1)
    sprockets (2.0.4)
      hike (~> 1.2)
      rack (~> 1.0)
      tilt (~> 1.1, != 1.3.0)
    therubyracer (0.11.4)
      libv8 (~> 3.11.8.12)
      ref
    thor (0.14.6)
    tilt (1.3.7)
    treetop (1.4.12)
      polyglot
      polyglot (>= 0.3.1)
    tzinfo (0.3.37)
    uglifier (2.1.1)
      execjs (>= 0.3.0)
      multi_json (~> 1.0, >= 1.0.2)

PLATFORMS
  ruby

DEPENDENCIES
  capones_recipes (= 0.14.3)
  coffee-rails (~> 3.1.0)
  coffee-script
  compass (~> 0.12.alpha.0)
  execjs
  fancy-buttons
  haml
  haml-rails
  hpricot
  jquery-rails
  kuhsaft
  mysql2
  rack-google_analytics
  rails (~> 3.1.0)
  rails3-generators
  ruby_parser
  sass-rails (~> 3.1.0)
  therubyracer
  uglifier (>= 1.0.3)
